PATH
  remote: .
  specs:
    activeform-rails (0.0.2)
      activemodel (~> 3)
      activesupport (~> 3)

GEM
  remote: https://rubygems.org/
  specs:
    activemodel (3.1.12)
      activesupport (= 3.1.12)
      builder (~> 3.0.0)
      i18n (~> 0.6)
    activerecord (3.1.12)
      activemodel (= 3.1.12)
      activesupport (= 3.1.12)
      arel (~> 2.2.3)
      tzinfo (~> 0.3.29)
    activesupport (3.1.12)
      multi_json (~> 1.0)
    arel (2.2.3)
    builder (3.0.4)
    database_cleaner (1.2.0)
    diff-lcs (1.2.5)
    i18n (0.6.9)
    multi_json (1.9.0)
    rspec (2.14.1)
      rspec-core (~> 2.14.0)
      rspec-expectations (~> 2.14.0)
      rspec-mocks (~> 2.14.0)
    rspec-core (2.14.7)
    rspec-expectations (2.14.4)
      diff-lcs (>= 1.1.3, < 2.0)
    rspec-mocks (2.14.4)
    sqlite3 (1.3.8)
    tzinfo (0.3.38)

PLATFORMS
  ruby

DEPENDENCIES
  activeform-rails!
  activerecord (~> 3)
  database_cleaner (~> 1.2)
  rspec (~> 2)
  sqlite3 (~> 1)
